GEM
  specs:
    haml (3.1.2)

PLATFORMS
  ruby

DEPENDENCIES
  haml
